GEM
  remote: https://rubygems.org/
  specs:
    rack (2.2.0)

PLATFORMS
  arm64-darwin-22

DEPENDENCIES
  rack (= 2.2.0.0)

BUNDLED WITH
   2.4.10
