GEM
  remote: https://rubygems.org/
  specs:
    io-console (0.7.1)
    irb (1.5.0)
      reline (>= 0.3.0)
    reline (0.4.2)
      io-console (~> 0.5)

PLATFORMS
  arm64-darwin-22
  x86_64-darwin-22
  x86_64-darwin-23

DEPENDENCIES
  irb (= 1.5.0)

BUNDLED WITH
   2.4.10
