GEM
  remote: https://rubygems.org/
  specs:
    io-console (0.6.0)
    irb (1.7.0)
      reline (>= 0.3.0)
    reline (0.3.5)
      io-console (~> 0.5)

PLATFORMS
  arm64-darwin-22
  x86_64-darwin-22

DEPENDENCIES
  irb (= 1.7.0)

BUNDLED WITH
   2.4.10
