GEM
  remote: https://rubygems.org/
  specs:
    deprecated (3.0.1)

PLATFORMS
  arm64-darwin-22
  x86_64-darwin-22
  x86_64-darwin-23

DEPENDENCIES
  deprecated

BUNDLED WITH
   2.4.10
