GEM
  remote: https://rubygems.org/
  specs:
    io-console (0.5.2)
    irb (1.7.0)
      reline (>= 0.3.0)
    minitest (5.10.0)
    rack (2.2.0)
    reline (0.3.0)
      io-console (~> 0.5)
    thread_safe (0.3.6)
    tzinfo (1.2.1)
      thread_safe (~> 0.1)
    yard (0.9.26)

PLATFORMS
  arm64-darwin-22
  x86_64-darwin-22

DEPENDENCIES
  irb (= 1.7.0)
  minitest (= 5.10.0)
  rack (= 2.2.0.0)
  reline (= 0.3.0)
  tzinfo (= 1.2.1)
  yard (= 0.9.26)

BUNDLED WITH
   2.4.10
